PATH
  remote: .
  specs:
    musial (0.1.0)
      activesupport (~> 5.0, >= 5.0.2)
      awesome_print (~> 1.7)
      midilib (~> 2.0, >= 2.0.5)
      stattleship-ruby (~> 0.1.27)

GEM
  remote: https://rubygems.org/
  specs:
    activesupport (5.0.2)
      concurrent-ruby (~> 1.0, >= 1.0.2)
      i18n (~> 0.7)
      minitest (~> 5.1)
      tzinfo (~> 1.1)
    addressable (2.5.0)
      public_suffix (~> 2.0, >= 2.0.2)
    awesome_print (1.7.0)
    axiom-types (0.1.1)
      descendants_tracker (~> 0.0.4)
      ice_nine (~> 0.11.0)
      thread_safe (~> 0.3, >= 0.3.1)
    coercible (1.0.0)
      descendants_tracker (~> 0.0.1)
    concurrent-ruby (1.0.5)
    declarative (0.0.9)
    declarative-option (0.1.0)
    descendants_tracker (0.0.4)
      thread_safe (~> 0.3, >= 0.3.1)
    diff-lcs (1.3)
    dotenv (2.2.0)
    equalizer (0.0.11)
    humanize (1.3.0)
    i18n (0.8.1)
    ice_nine (0.11.2)
    link_header (0.0.8)
    midilib (2.0.5)
    minitest (5.10.1)
    multi_json (1.12.1)
    oj (2.18.5)
    oj_mimic_json (1.0.1)
    ordinalize (0.0.3)
      humanize
    public_suffix (2.0.5)
    rake (10.5.0)
    representable (3.0.3)
      declarative (< 0.1.0)
      declarative-option (< 0.2.0)
      uber (< 0.2.0)
    roar (1.1.0)
      representable (~> 3.0.0)
    rspec (3.5.0)
      rspec-core (~> 3.5.0)
      rspec-expectations (~> 3.5.0)
      rspec-mocks (~> 3.5.0)
    rspec-core (3.5.4)
      rspec-support (~> 3.5.0)
    rspec-expectations (3.5.0)
      diff-lcs (>= 1.2.0, < 2.0)
      rspec-support (~> 3.5.0)
    rspec-mocks (3.5.0)
      diff-lcs (>= 1.2.0, < 2.0)
      rspec-support (~> 3.5.0)
    rspec-support (3.5.0)
    stattleship-ruby (0.1.27)
      addressable (~> 2.4)
      dotenv (~> 2.0, >= 2.0.2)
      link_header (~> 0.0.8)
      multi_json (~> 1.11, >= 1.11.2)
      oj (~> 2.14, >= 2.14.2)
      oj_mimic_json (~> 1.0, >= 1.0.1)
      ordinalize (~> 0.0.3)
      roar (~> 1.0, >= 1.0.4)
      virtus (~> 1.0, >= 1.0.5)
    thread_safe (0.3.6)
    tzinfo (1.2.2)
      thread_safe (~> 0.1)
    uber (0.1.0)
    virtus (1.0.5)
      axiom-types (~> 0.1)
      coercible (~> 1.0)
      descendants_tracker (~> 0.0, >= 0.0.3)
      equalizer (~> 0.0, >= 0.0.9)

PLATFORMS
  ruby

DEPENDENCIES
  bundler (~> 1.13)
  musial!
  rake (~> 10.0)
  rspec (~> 3.0)

BUNDLED WITH
   1.13.6
